PATH
  remote: .
  specs:
    redi (0.0.2)
      redis
      redis-namespace

GEM
  remote: http://rubygems.org/
  specs:
    redis (2.2.2)
    redis-namespace (1.1.0)
      redis (< 3.0.0)

PLATFORMS
  ruby

DEPENDENCIES
  redi!
