PATH
  remote: .
  specs:
    redis-ring (0.0.1)
      active_support
      json
      redis
      redis-namespace

GEM
  remote: http://rubygems.org/
  specs:
    active_support (3.0.0)
      activesupport (= 3.0.0)
    activesupport (3.0.0)
    json (1.6.1)
    redis (2.2.2)
    redis-namespace (1.1.0)
      redis (< 3.0.0)

PLATFORMS
  ruby

DEPENDENCIES
  redis-ring!
