PATH
  remote: .
  specs:
    redi (0.0.8)
      redis (>= 2.2.0)
      redis-namespace (>= 1.1.0)

GEM
  remote: http://rubygems.org/
  specs:
    rake (0.9.2.2)
    redis (2.2.2)
    redis-namespace (1.1.0)
      redis (< 3.0.0)

PLATFORMS
  ruby

DEPENDENCIES
  rake
  redi!
